GEM
  remote: http://rubygems.org/
  specs:
    geoip (1.1.1)
    rmagick (2.13.1)

PLATFORMS
  ruby

DEPENDENCIES
  geoip
  rmagick
